GEM
  remote: https://rubygems.org/
  specs:
    coffee-script (2.4.1)
      coffee-script-source
      execjs
    coffee-script-source (1.10.0)
    execjs (2.7.0)
    rake (11.2.2)
    sass (3.4.22)
    uglifier (3.0.0)
      execjs (>= 0.3.0, < 3)

PLATFORMS
  x86-mingw32

DEPENDENCIES
  coffee-script
  rake
  sass
  uglifier

BUNDLED WITH
   1.12.5
